GEM
  remote: https://rubygems.org/
  remote: https://gems.railslts.com/
  specs:
    actionmailer (3.2.22.22)
      actionpack (= 3.2.22.22)
      mail (~> 2.5.4)
    actionpack (3.2.22.22)
      activemodel (= 3.2.22.22)
      activesupport (= 3.2.22.22)
      builder (~> 3.0)
      erubis (~> 2.7.0)
      journey (~> 1.0.4)
      rack (~> 1.4.5)
      rack-cache (~> 1.2)
      rack-test (~> 0.6.1)
      sprockets (= 2.2.3)
    activemodel (3.2.22.22)
      activesupport (= 3.2.22.22)
      builder (~> 3.0)
    activerecord (3.2.22.22)
      activemodel (= 3.2.22.22)
      activesupport (= 3.2.22.22)
      arel (~> 3.0.2)
      tzinfo (~> 0.3.29)
    activeresource (3.2.22.22)
      activemodel (= 3.2.22.22)
      activesupport (= 3.2.22.22)
    activesupport (3.2.22.22)
      i18n (~> 0.6, >= 0.6.4)
      multi_json (~> 1.0)
    arel (3.0.3)
    builder (3.2.4)
    concurrent-ruby (1.1.8)
    erubis (2.7.0)
    hike (1.2.3)
    i18n (0.9.5)
      concurrent-ruby (~> 1.0)
    journey (1.0.4)
    json (1.8.6)
    mail (2.5.5)
      mime-types (~> 1.16)
      treetop (~> 1.4.8)
    mime-types (1.25.1)
    multi_json (1.15.0)
    pg (1.2.3)
    polyglot (0.3.5)
    rack (1.4.7)
    rack-cache (1.12.1)
      rack (>= 0.4)
    rack-ssl (1.3.4)
      rack
    rack-test (0.6.3)
      rack (>= 1.0)
    rails (3.2.22.22)
      actionmailer (= 3.2.22.22)
      actionpack (= 3.2.22.22)
      activemodel (= 3.2.22.22)
      activerecord (= 3.2.22.22)
      activeresource (= 3.2.22.22)
      activesupport (= 3.2.22.22)
      bundler (~> 1.0)
      railslts-version (= 3.2.22.22)
      railties (= 3.2.22.22)
    railslts-version (3.2.22.22)
    railties (3.2.22.22)
      actionpack (= 3.2.22.22)
      activesupport (= 3.2.22.22)
      rack-ssl (~> 1.3.2)
      rake (>= 0.8.7)
      rdoc (~> 3.4)
      thor (>= 0.14.6, < 2.0)
    rake (13.0.3)
    rdoc (3.12.2)
      json (~> 1.4)
    sprockets (2.2.3)
      hike (~> 1.2)
      multi_json (~> 1.0)
      rack (~> 1.0)
      tilt (~> 1.1, != 1.3.0)
    thor (1.1.0)
    tilt (1.4.1)
    treetop (1.4.15)
      polyglot
      polyglot (>= 0.3.1)
    tzinfo (0.3.59)

PLATFORMS
  ruby

DEPENDENCIES
  actionmailer!
  actionpack!
  activemodel!
  activerecord!
  activeresource!
  activesupport!
  pg
  rails (~> 3.2.22)!
  railslts-version!
  railties!

BUNDLED WITH
   1.17.3
